GEM
  remote: https://rubygems.org/
  specs:
    rack (2.0.1)
    rack-test (0.6.3)
      rack (>= 1.0)
    require_all (1.4.0)
    sqlite3 (1.3.13)

PLATFORMS
  ruby

DEPENDENCIES
  rack
  rack-test
  require_all
  sqlite3

RUBY VERSION
   ruby 2.3.1p112

BUNDLED WITH
   1.14.6
